PATH
  remote: .
  specs:
    service-worker-cache-rails (0.2.0)

GEM
  remote: https://rubygems.org/
  specs:
    rake (10.5.0)

PLATFORMS
  ruby

DEPENDENCIES
  bundler (~> 1.10)
  rake (~> 10.0)
  service-worker-cache-rails!

BUNDLED WITH
   1.10.6
